GIT
  remote: https://github.com/SolidarityEconomyAssociation/se-open-data.git
  revision: 6058fc4ae47a082bbdb16a7c0a281f4853d2f66e
  branch: murmurations-od71
  specs:
    se_open_data (1.0.0)
      httparty
      levenshtein
      linkeddata
      nokogiri
      normalize_country
      opencage-geocoder
      prawn
      prawn-table

GEM
  remote: https://rubygems.org/
  specs:
    addressable (2.8.4)
      public_suffix (>= 2.0.2, < 6.0)
    bcp47 (0.3.3)
      i18n
    builder (3.2.4)
    concurrent-ruby (1.2.2)
    connection_pool (2.4.1)
    ebnf (2.3.3)
      htmlentities (~> 4.3)
      rdf (~> 3.2)
      scanf (~> 1.0)
      sxp (~> 1.2)
      unicode-types (~> 1.8)
    haml (5.2.2)
      temple (>= 0.8.0)
      tilt
    hamster (3.0.0)
      concurrent-ruby (~> 1.0)
    htmlentities (4.3.4)
    httparty (0.21.0)
      mini_mime (>= 1.0.0)
      multi_xml (>= 0.5.2)
    i18n (1.14.0)
      concurrent-ruby (~> 1.0)
    json-canonicalization (0.3.2)
    json-ld (3.2.5)
      htmlentities (~> 4.3)
      json-canonicalization (~> 0.3, >= 0.3.2)
      link_header (~> 0.0, >= 0.0.8)
      multi_json (~> 1.15)
      rack (>= 2.2, < 4)
      rdf (~> 3.2, >= 3.2.10)
    json-ld-preloaded (3.2.2)
      json-ld (~> 3.2)
      rdf (~> 3.2)
    ld-patch (3.2.0)
      ebnf (~> 2.2)
      rdf (~> 3.2)
      rdf-xsd (~> 3.2)
      sparql (~> 3.2)
      sxp (~> 1.2)
    levenshtein (0.2.2)
    link_header (0.0.8)
    linkeddata (3.2.1)
      json-ld (~> 3.2, >= 3.2.3)
      json-ld-preloaded (~> 3.2)
      ld-patch (~> 3.2)
      nokogiri (~> 1.13, >= 1.13.8)
      rdf (~> 3.2, >= 3.2.9)
      rdf-aggregate-repo (~> 3.2, >= 3.2.1)
      rdf-hamster-repo (~> 3.2)
      rdf-isomorphic (~> 3.2, >= 3.2.1)
      rdf-json (~> 3.2)
      rdf-microdata (~> 3.2, >= 3.2.1)
      rdf-n3 (~> 3.2, >= 3.2.1)
      rdf-normalize (~> 0.5)
      rdf-ordered-repo (~> 3.2, >= 3.2.1)
      rdf-rdfa (~> 3.2)
      rdf-rdfxml (~> 3.2)
      rdf-reasoner (~> 0.8)
      rdf-tabular (~> 3.2, >= 3.2.1)
      rdf-trig (~> 3.2)
      rdf-trix (~> 3.2)
      rdf-turtle (~> 3.2, >= 3.2.1)
      rdf-vocab (~> 3.2, >= 3.2.1)
      rdf-xsd (~> 3.2, >= 3.2.1)
      shacl (~> 0.2, >= 0.2.1)
      shex (~> 0.7, >= 0.7.1)
      sparql (~> 3.2, >= 3.2.4)
      sparql-client (~> 3.2, >= 3.2.1)
      yaml-ld (~> 0.0)
    logger (1.5.3)
    matrix (0.4.2)
    mini_mime (1.1.2)
    multi_json (1.15.0)
    multi_xml (0.6.0)
    net-http-persistent (4.0.2)
      connection_pool (~> 2.2)
    nokogiri (1.15.2-x86_64-linux)
      racc (~> 1.4)
    normalize_country (0.3.2)
    opencage-geocoder (3.1.0)
    pdf-core (0.9.0)
    prawn (2.4.0)
      pdf-core (~> 0.9.0)
      ttfunk (~> 1.7)
    prawn-table (0.2.2)
      prawn (>= 1.3.0, < 3.0.0)
    psych (5.1.0)
      stringio
    public_suffix (5.0.1)
    racc (1.6.2)
    rack (3.0.7)
    rdf (3.2.10)
      link_header (~> 0.0, >= 0.0.8)
    rdf-aggregate-repo (3.2.1)
      rdf (~> 3.2)
    rdf-hamster-repo (3.2.1)
      hamster (~> 3.0)
      rdf (~> 3.2, >= 3.2.1)
    rdf-isomorphic (3.2.1)
      rdf (~> 3.2)
    rdf-json (3.2.0)
      rdf (~> 3.2)
    rdf-microdata (3.2.1)
      htmlentities (~> 4.3)
      nokogiri (~> 1.13)
      rdf (~> 3.2)
      rdf-rdfa (~> 3.2)
      rdf-xsd (~> 3.2)
    rdf-n3 (3.2.1)
      ebnf (~> 2.2)
      rdf (~> 3.2)
      sparql (~> 3.2)
      sxp (~> 1.2)
    rdf-normalize (0.5.1)
      rdf (~> 3.2)
    rdf-ordered-repo (3.2.1)
      rdf (~> 3.2, >= 3.2.1)
    rdf-rdfa (3.2.2)
      haml (>= 5.2, < 7)
      htmlentities (~> 4.3)
      rdf (~> 3.2)
      rdf-aggregate-repo (~> 3.2)
      rdf-vocab (~> 3.2)
      rdf-xsd (~> 3.2)
    rdf-rdfxml (3.2.1)
      haml (~> 5.2)
      htmlentities (~> 4.3)
      rdf (~> 3.2)
      rdf-rdfa (~> 3.2)
      rdf-xsd (~> 3.2)
    rdf-reasoner (0.8.0)
      rdf (~> 3.2)
      rdf-xsd (~> 3.2)
    rdf-tabular (3.2.1)
      addressable (~> 2.8)
      bcp47 (~> 0.3, >= 0.3.3)
      json-ld (~> 3.2)
      rdf (~> 3.2, >= 3.2.7)
      rdf-vocab (~> 3.2)
      rdf-xsd (~> 3.2)
    rdf-trig (3.2.0)
      ebnf (~> 2.2)
      rdf (~> 3.2)
      rdf-turtle (~> 3.2)
    rdf-trix (3.2.0)
      rdf (~> 3.2)
      rdf-xsd (~> 3.2)
    rdf-turtle (3.2.1)
      ebnf (~> 2.3)
      rdf (~> 3.2)
    rdf-vocab (3.2.6)
      rdf (~> 3.2, >= 3.2.4)
    rdf-xsd (3.2.1)
      rdf (~> 3.2)
      rexml (~> 3.2)
    rexml (3.2.5)
    scanf (1.0.0)
    shacl (0.3.0)
      json-ld (~> 3.2)
      rdf (~> 3.2, >= 3.2.8)
      sparql (~> 3.2, >= 3.2.4)
      sxp (~> 1.2)
    shex (0.7.1)
      ebnf (~> 2.2)
      htmlentities (~> 4.3)
      json-ld (~> 3.2)
      json-ld-preloaded (~> 3.2)
      rdf (~> 3.2)
      rdf-xsd (~> 3.2)
      sparql (~> 3.2)
      sxp (~> 1.2)
    sparql (3.2.5)
      builder (~> 3.2)
      ebnf (~> 2.2, >= 2.3.1)
      logger (~> 1.5)
      rdf (~> 3.2, >= 3.2.8)
      rdf-aggregate-repo (~> 3.2)
      rdf-xsd (~> 3.2)
      sparql-client (~> 3.2, >= 3.2.1)
      sxp (~> 1.2, >= 1.2.2)
    sparql-client (3.2.1)
      net-http-persistent (~> 4.0, >= 4.0.1)
      rdf (~> 3.2, >= 3.2.6)
    stringio (3.0.7)
    sxp (1.2.4)
      matrix (~> 0.4)
      rdf (~> 3.2)
    temple (0.10.2)
    tilt (2.1.0)
    ttfunk (1.7.0)
    unicode-types (1.8.0)
    yaml-ld (0.0.2)
      json-ld (~> 3.2, >= 3.2.3)
      psych (>= 3.3)
      rdf (~> 3.2, >= 3.2.9)
      rdf-xsd (~> 3.2)

PLATFORMS
  x86_64-linux

DEPENDENCIES
  rdf-rdfxml (~> 3.2, >= 3.2.1)
  se_open_data!

BUNDLED WITH
   2.2.17
