GEM
  remote: https://rubygems.org/
  specs:
    bcp47_spec (0.2.1)
    bigdecimal (3.1.9)
    builder (3.3.0)
    htmlentities (4.3.4)
    link_header (0.0.8)
    nokogiri (1.18.1-x86_64-linux-gnu)
      racc (~> 1.4)
    racc (1.8.1)
    rdf (3.3.2)
      bcp47_spec (~> 0.2)
      bigdecimal (~> 3.1, >= 3.1.5)
      link_header (~> 0.0, >= 0.0.8)
    rdf-rdfxml (3.3.0)
      builder (~> 3.2, >= 3.2.4)
      htmlentities (~> 4.3)
      rdf (~> 3.3)
      rdf-xsd (~> 3.3)
    rdf-xsd (3.3.0)
      rdf (~> 3.3)
      rexml (~> 3.2)
    rexml (3.4.0)

PLATFORMS
  x86_64-linux

DEPENDENCIES
  nokogiri
  rdf-rdfxml (~> 3.2, >= 3.2.1)

BUNDLED WITH
   2.4.22
